GEM
  remote: https://rubygems.org/
  specs:
    rack (1.6.13)
    sinatra (1.1.2)
      rack (~> 1.1)
      tilt (~> 1.2)
    tilt (1.2.1)

PLATFORMS
  ruby

DEPENDENCIES
  sinatra
